GEM
  remote: https://rubygems.org/
  specs:
    abstract (1.0.0)
    actionmailer (3.0.12)
      actionpack (= 3.0.12)
      mail (~> 2.2.19)
    actionpack (3.0.12)
      activemodel (= 3.0.12)
      activesupport (= 3.0.12)
      builder (~> 2.1.2)
      erubis (~> 2.6.6)
      i18n (~> 0.5.0)
      rack (~> 1.2.5)
      rack-mount (~> 0.6.14)
      rack-test (~> 0.5.7)
      tzinfo (~> 0.3.23)
    activemodel (3.0.12)
      activesupport (= 3.0.12)
      builder (~> 2.1.2)
      i18n (~> 0.5.0)
    activerecord (3.0.12)
      activemodel (= 3.0.12)
      activesupport (= 3.0.12)
      arel (~> 2.0.10)
      tzinfo (~> 0.3.23)
    activeresource (3.0.12)
      activemodel (= 3.0.12)
      activesupport (= 3.0.12)
    activesupport (3.0.12)
    addressable (2.3.8)
    aes (0.5.0)
    aescrypt (1.0.0)
    arel (2.0.10)
    auto_html (2.0.0)
      gemoji (~> 2.1)
      redcarpet (~> 3.3)
      rinku (~> 1.7)
      tag_helper (~> 0.5)
    awesome_print (1.8.0)
    browser (1.1.0)
    builder (2.1.2)
    chronic (0.10.2)
    clamp (1.1.2)
    color (1.8)
    crass (1.0.4)
    daemons (1.2.4)
    dalli (2.7.6)
    date_diff (0.0.4)
    domain_name (0.5.20180417)
      unf (>= 0.0.5, < 1.0.0)
    erubis (2.6.6)
      abstract (>= 1.0.0)
    faraday (0.9.2)
      multipart-post (>= 1.2, < 3)
    faraday-cookie_jar (0.0.6)
      faraday (>= 0.7.4)
      http-cookie (~> 1.0.0)
    faraday-http-cache (1.2.2)
      faraday (~> 0.8)
    faraday_middleware (0.12.2)
      faraday (>= 0.7.4, < 1.0)
    fast-stemmer (1.0.2)
    fastimage (2.1.3)
    gemoji (2.1.0)
    gemoji-parser (1.3.1)
      gemoji (>= 2.1.0)
    geocoder (1.4.3)
    highline (1.7.8)
    http-cookie (1.0.3)
      domain_name (~> 0.5)
    httparty (0.14.0)
      multi_xml (>= 0.5.2)
    httpclient (2.8.3)
    i18n (0.5.4)
    icalendar (2.0.1)
    ice_cube (0.7.6)
    invert (0.1.0)
    jbuilder (2.6.4)
      activesupport (>= 3.0.0)
      multi_json (>= 1.2)
    json (1.8.6)
    jwt (1.5.6)
    macaddr (1.7.1)
      systemu (~> 2.6.2)
    mail (2.2.20)
      activesupport (>= 2.3.6)
      i18n (>= 0.4.0)
      mime-types (~> 1.16)
      treetop (~> 1.4.8)
    metainspector (4.7.2)
      addressable (~> 2.3.5)
      faraday (~> 0.9.0)
      faraday-cookie_jar (~> 0.0.6)
      faraday-http-cache (~> 1.2.2)
      faraday_middleware (~> 0.10)
      fastimage
      nokogiri (~> 1.6)
    mime-types (1.25.1)
    mini_portile2 (2.1.0)
    multi_json (1.13.1)
    multi_xml (0.6.0)
    multipart-post (2.0.0)
    mysql2 (0.2.24)
    net-http-digest_auth (1.4.1)
    netrc (0.11.0)
    nokogiri (1.6.8.1)
      mini_portile2 (~> 2.1.0)
    nokogumbo (1.5.0)
      nokogiri
    pismo (0.7.4)
      awesome_print
      chronic
      fast-stemmer
      nokogiri
      sanitize
    polyglot (0.3.5)
    rack (1.2.8)
    rack-mount (0.6.14)
      rack (>= 1.0.0)
    rack-test (0.5.7)
      rack (>= 1.0)
    rails (3.0.12)
      actionmailer (= 3.0.12)
      actionpack (= 3.0.12)
      activerecord (= 3.0.12)
      activeresource (= 3.0.12)
      activesupport (= 3.0.12)
      bundler (~> 1.0)
      railties (= 3.0.12)
    railties (3.0.12)
      actionpack (= 3.0.12)
      activesupport (= 3.0.12)
      rake (>= 0.8.7)
      rdoc (~> 3.4)
      thor (~> 0.14.4)
    rake (12.0.0)
    rdoc (3.12.2)
      json (~> 1.4)
    redcarpet (3.4.0)
    rest-client (1.8.0)
      http-cookie (>= 1.0.2, < 2.0)
      mime-types (>= 1.16, < 3.0)
      netrc (~> 0.7)
    ri_cal (0.8.8)
    rinku (1.7.3)
    rumoji (0.5.0)
    sanitize (4.6.6)
      crass (~> 1.0.2)
      nokogiri (>= 1.4.4)
      nokogumbo (~> 1.4)
    silencer (1.0.0)
    systemu (2.6.5)
    tag_helper (0.5.0)
    thor (0.14.6)
    treetop (1.4.15)
      polyglot
      polyglot (>= 0.3.1)
    tzinfo (0.3.53)
    unf (0.1.4)
      unf_ext
    unf_ext (0.0.7.5)
    uuid (2.3.8)
      macaddr (~> 1.0)
    vcard (0.2.15)
    vpim (13.11.11)
    will_paginate (3.1.5)

PLATFORMS
  ruby
  x86-mingw32

DEPENDENCIES
  aes (~> 0.5.0)
  aescrypt (= 1.0.0)
  auto_html (= 2.0.0)
  browser (= 1.1.0)
  clamp (= 1.1.2)
  color (= 1.8)
  daemons (= 1.2.4)
  dalli (= 2.7.6)
  date_diff (= 0.0.4)
  faraday (= 0.9.2)
  gemoji-parser (= 1.3.1)
  geocoder (= 1.4.3)
  highline (= 1.7.8)
  httparty (= 0.14.0)
  httpclient (= 2.8.3)
  i18n
  icalendar (= 2.0.1)
  ice_cube (= 0.7.6)
  invert (= 0.1.0)
  jbuilder (= 2.6.4)
  jwt (= 1.5.6)
  mail (= 2.2.20)
  metainspector (= 4.7.2)
  mysql2 (= 0.2.24)
  net-http-digest_auth (= 1.4.1)
  nokogiri (= 1.6.8.1)
  pismo (= 0.7.4)
  rails (= 3.0.12)
  rest-client (= 1.8.0)
  ri_cal (= 0.8.8)
  rumoji (= 0.5.0)
  silencer (= 1.0.0)
  tzinfo
  uuid (= 2.3.8)
  vcard (~> 0.2.0)
  vpim (= 13.11.11)
  will_paginate (= 3.1.5)

BUNDLED WITH
   1.16.0
