GEM
  remote: http://rubygems.org/
  specs:
    abstract (1.0.0)
    actionmailer (3.0.12)
      actionpack (= 3.0.12)
      mail (~> 2.2.19)
    actionpack (3.0.12)
      activemodel (= 3.0.12)
      activesupport (= 3.0.12)
      builder (~> 2.1.2)
      erubis (~> 2.6.6)
      i18n (~> 0.5.0)
      rack (~> 1.2.5)
      rack-mount (~> 0.6.14)
      rack-test (~> 0.5.7)
      tzinfo (~> 0.3.23)
    activemodel (3.0.12)
      activesupport (= 3.0.12)
      builder (~> 2.1.2)
      i18n (~> 0.5.0)
    activerecord (3.0.12)
      activemodel (= 3.0.12)
      activesupport (= 3.0.12)
      arel (~> 2.0.10)
      tzinfo (~> 0.3.23)
    activeresource (3.0.12)
      activemodel (= 3.0.12)
      activesupport (= 3.0.12)
    activesupport (3.0.12)
    aes (0.5.0)
    arel (2.0.10)
    auto_html (2.0.0)
      gemoji (~> 2.1)
      redcarpet (~> 3.3)
      rinku (~> 1.7)
      tag_helper (~> 0.5)
    builder (2.1.2)
    bullet (5.6.0)
      activesupport (>= 3.0.0)
      uniform_notifier (~> 1.10.0)
    color (1.8)
    daemons (1.2.4)
    dalli (2.7.6)
    delayed_job (4.1.3)
      activesupport (>= 3.0, < 5.2)
    delayed_job_active_record (4.1.2)
      activerecord (>= 3.0, < 5.2)
      delayed_job (>= 3.0, < 5)
    erubis (2.6.6)
      abstract (>= 1.0.0)
    gemoji (2.1.0)
    geocoder (1.4.4)
    hominid (3.0.5)
    i18n (0.5.4)
    ice_cube (0.7.6)
    invert (0.1.0)
    json (1.8.6)
    macaddr (1.7.1)
      systemu (~> 2.6.2)
    mail (2.2.20)
      activesupport (>= 2.3.6)
      i18n (>= 0.4.0)
      mime-types (~> 1.16)
      treetop (~> 1.4.8)
    mime-types (1.25.1)
    mysql2 (0.2.6)
    mysql2 (0.2.6-x86-mingw32)
    polyglot (0.3.5)
    rack (1.2.8)
    rack-mount (0.6.14)
      rack (>= 1.0.0)
    rack-test (0.5.7)
      rack (>= 1.0)
    rails (3.0.12)
      actionmailer (= 3.0.12)
      actionpack (= 3.0.12)
      activerecord (= 3.0.12)
      activeresource (= 3.0.12)
      activesupport (= 3.0.12)
      bundler (~> 1.0)
      railties (= 3.0.12)
    railties (3.0.12)
      actionpack (= 3.0.12)
      activesupport (= 3.0.12)
      rake (>= 0.8.7)
      rdoc (~> 3.4)
      thor (~> 0.14.4)
    rake (12.0.0)
    rdoc (3.12.2)
      json (~> 1.4)
    redcarpet (3.4.0)
    ri_cal (0.8.8)
    rinku (1.7.3)
    rmagick (2.16.0)
    ruby-growl (4.1)
      uuid (~> 2.3, >= 2.3.5)
    systemu (2.6.5)
    tag_helper (0.5.0)
    thor (0.14.6)
    treetop (1.4.15)
      polyglot
      polyglot (>= 0.3.1)
    tzinfo (0.3.53)
    uniform_notifier (1.10.0)
    uuid (2.3.8)
      macaddr (~> 1.0)
    vcard (0.2.15)
    will_paginate (3.1.6)
    xmpp4r (0.5.6)
    zipruby (0.3.6)

PLATFORMS
  ruby
  x86-mingw32

DEPENDENCIES
  aes (~> 0.5.0)
  auto_html
  bullet
  color
  daemons
  dalli
  delayed_job_active_record
  geocoder
  hominid
  ice_cube (= 0.7.6)
  invert
  mail
  mysql2 (= 0.2.6)
  rails (= 3.0.12)
  ri_cal
  rmagick
  ruby-growl
  tzinfo
  uuid
  vcard (~> 0.2.0)
  will_paginate
  xmpp4r
  zipruby
